GEM
  remote: http://rubygems.org/
  specs:
    adsf (1.0.1)
      rack (>= 1.0.0)
    builder (3.0.0)
    compass (0.10.6)
      haml (>= 3.0.4)
    cri (1.0.1)
    eleven40 (1.2)
      compass (>= 0.10.0.rc3)
    haml (3.0.25)
    json (1.5.1)
    kramdown (0.13.1)
    mime-types (1.16)
    nanoc (3.1.6)
      nanoc3 (>= 3.1.6)
    nanoc3 (3.1.6)
      cri (>= 1.0.0)
    nokogiri (1.4.4)
    rack (1.2.1)
    rake (0.8.7)
    w3c_validators (1.1.1)
      nokogiri

PLATFORMS
  ruby

DEPENDENCIES
  adsf
  builder
  compass (= 0.10.6)
  eleven40
  haml
  json
  kramdown
  mime-types
  nanoc
  nokogiri
  rake
  w3c_validators
